GEM
  remote: https://rubygems.org/
  specs:
    awesome_print (1.9.2)
    clamp (1.3.2)
    climate_control (0.2.0)
    coderay (1.1.3)
    concurrent-ruby (1.1.9)
    diff-lcs (1.3)
    dry-configurable (0.13.0)
      concurrent-ruby (~> 1.0)
      dry-core (~> 0.6)
    dry-container (0.9.0)
      concurrent-ruby (~> 1.0)
      dry-configurable (~> 0.13, >= 0.13.0)
    dry-core (0.7.1)
      concurrent-ruby (~> 1.0)
    dry-inflector (0.2.1)
    dry-logic (1.2.0)
      concurrent-ruby (~> 1.0)
      dry-core (~> 0.5, >= 0.5)
    dry-struct (1.4.0)
      dry-core (~> 0.5, >= 0.5)
      dry-types (~> 1.5)
      ice_nine (~> 0.11)
    dry-types (1.5.1)
      concurrent-ruby (~> 1.0)
      dry-container (~> 0.3)
      dry-core (~> 0.5, >= 0.5)
      dry-inflector (~> 0.1, >= 0.1.2)
      dry-logic (~> 1.0, >= 1.0.2)
    equatable (0.5.0)
    filesize (0.2.0)
    ice_nine (0.11.2)
    method_source (1.0.0)
    necromancer (0.4.0)
    pastel (0.7.2)
      equatable (~> 0.5.0)
      tty-color (~> 0.4.0)
    pry (0.14.1)
      coderay (~> 1.1)
      method_source (~> 1.0)
    terrapin (0.6.0)
      climate_control (>= 0.0.3, < 1.0)
    tty (0.7.0)
      equatable (~> 0.5.0)
      pastel (~> 0.7.0)
      tty-color (~> 0.4.0)
      tty-command (~> 0.4.0)
      tty-cursor (~> 0.4.0)
      tty-editor (~> 0.2.0)
      tty-file (~> 0.3.0)
      tty-pager (~> 0.7.0)
      tty-platform (~> 0.1.0)
      tty-progressbar (~> 0.10.0)
      tty-prompt (~> 0.12.0)
      tty-screen (~> 0.5.0)
      tty-spinner (~> 0.4.0)
      tty-table (~> 0.8.0)
      tty-which (~> 0.3.0)
    tty-color (0.4.3)
    tty-command (0.4.0)
      pastel (~> 0.7.0)
    tty-cursor (0.4.0)
    tty-editor (0.2.0)
      tty-prompt (~> 0.12.0)
      tty-which (~> 0.3.0)
    tty-file (0.3.0)
      diff-lcs (~> 1.3.0)
      pastel (~> 0.7.0)
      tty-prompt (~> 0.12.0)
    tty-pager (0.7.1)
      tty-screen (~> 0.5.0)
      tty-which (~> 0.3.0)
      verse (~> 0.5.0)
    tty-platform (0.1.0)
    tty-progressbar (0.10.1)
      tty-screen (~> 0.5.0)
    tty-prompt (0.12.0)
      necromancer (~> 0.4.0)
      pastel (~> 0.7.0)
      tty-cursor (~> 0.4.0)
      wisper (~> 1.6.1)
    tty-screen (0.5.1)
    tty-spinner (0.4.1)
    tty-table (0.8.0)
      equatable (~> 0.5.0)
      necromancer (~> 0.4.0)
      pastel (~> 0.7.0)
      tty-screen (~> 0.5.0)
      unicode-display_width (~> 1.1.0)
      verse (~> 0.5.0)
    tty-which (0.3.0)
    unicode-display_width (1.1.3)
    unicode_utils (1.4.0)
    verse (0.5.0)
      unicode-display_width (~> 1.1.0)
      unicode_utils (~> 1.4.0)
    wisper (1.6.1)

PLATFORMS
  x86_64-linux

DEPENDENCIES
  awesome_print
  clamp
  dry-struct
  filesize
  pry
  terrapin
  tty

BUNDLED WITH
   2.2.24
